NUGET
  remote: https://www.nuget.org/api/v2
  specs:
    FAKE (4.12.0)
    NUnit (2.6.4)
    NUnitTestAdapter (2.0.0)
